PATH
  remote: /home/james/ra/dm_tests/dataminer
  specs:
    dataminer (0.1.0)
      pg_query

PATH
  remote: /home/james/ra/floating_canvas/floating_canvas-layout
  specs:
    floating_canvas-layout (0.1.0)

PATH
  remote: /home/james/ra/floating_canvas/floating_canvas-webtest
  specs:
    floating_canvas-webtest (0.1.0)
      sinatra
      sinatra-contrib

GEM
  remote: https://rubygems.org/
  specs:
    addressable (2.4.0)
    backports (3.6.8)
    capybara (2.7.1)
      addressable
      mime-types (>= 1.16)
      nokogiri (>= 1.3.3)
      rack (>= 1.0.0)
      rack-test (>= 0.5.4)
      xpath (~> 2.0)
    concurrent-ruby (1.0.2)
    dotenv (2.1.1)
    dry-configurable (0.1.7)
      concurrent-ruby (~> 1.0)
    dry-container (0.3.4)
      concurrent-ruby (~> 1.0)
      dry-configurable (~> 0.1, >= 0.1.3)
    dry-equalizer (0.2.0)
    dry-logic (0.3.0)
      dry-container (~> 0.2, >= 0.2.6)
      dry-equalizer (~> 0.2)
    dry-monads (0.0.2)
    dry-types (0.8.1)
      concurrent-ruby (~> 1.0)
      dry-configurable (~> 0.1)
      dry-container (~> 0.3)
      dry-equalizer (~> 0.2)
      dry-logic (~> 0.3, >= 0.3.0)
      dry-monads (>= 0.0.1)
      ice_nine (~> 0.11)
      inflecto (~> 0.0.0, >= 0.0.2)
    dry-validation (0.9.3)
      concurrent-ruby (~> 1.0)
      dry-configurable (~> 0.1, >= 0.1.3)
      dry-container (~> 0.2, >= 0.2.8)
      dry-equalizer (~> 0.2)
      dry-logic (~> 0.3, >= 0.3.0)
      dry-types (~> 0.8, >= 0.8.1)
    hanami (0.8.0)
      bundler (~> 1.6)
      hanami-assets (~> 0.3)
      hanami-controller (~> 0.7)
      hanami-helpers (~> 0.4)
      hanami-mailer (~> 0.3)
      hanami-router (~> 0.7)
      hanami-utils (~> 0.8)
      hanami-validations (~> 0.6)
      hanami-view (~> 0.7)
      thor (~> 0.19)
    hanami-assets (0.3.0)
      hanami-helpers (~> 0.4)
      hanami-utils (~> 0.8)
      tilt (~> 2.0, >= 2.0.2)
    hanami-controller (0.7.0)
      hanami-utils (~> 0.8)
      rack (~> 1.6, >= 1.6.2)
    hanami-helpers (0.4.0)
      hanami-utils (~> 0.8)
    hanami-mailer (0.3.0)
      hanami-utils (~> 0.8)
      mail (~> 2.5)
      tilt (~> 2.0, >= 2.0.1)
    hanami-model (0.6.1)
      hanami-utils (~> 0.7)
      sequel (~> 4.9)
    hanami-router (0.7.0)
      hanami-utils (~> 0.8)
      http_router (~> 0.11)
      rack (~> 1.6)
    hanami-utils (0.8.0)
    hanami-validations (0.6.0)
      dry-validation (~> 0.9)
      hanami-utils (~> 0.8)
    hanami-view (0.7.0)
      hanami-utils (~> 0.8)
      tilt (~> 2.0, >= 2.0.1)
    http_router (0.11.2)
      rack (>= 1.0.0)
      url_mount (~> 0.2.1)
    ice_nine (0.11.2)
    inflecto (0.0.2)
    json (1.8.3)
    mail (2.6.4)
      mime-types (>= 1.16, < 4)
    mime-types (3.1)
      mime-types-data (~> 3.2015)
    mime-types-data (3.2016.0521)
    mini_portile2 (2.1.0)
    minitest (5.9.0)
    multi_json (1.12.1)
    nokogiri (1.6.8)
      mini_portile2 (~> 2.1.0)
      pkg-config (~> 1.1.7)
    pg (0.18.4)
    pg_query (0.11.2)
      json (~> 1.8)
    pkg-config (1.1.7)
    rack (1.6.4)
    rack-protection (1.5.3)
      rack
    rack-test (0.6.3)
      rack (>= 1.0)
    rake (11.2.2)
    sass (3.4.22)
    sequel (4.36.0)
    shotgun (0.9.1)
      rack (>= 1.0)
    sinatra (1.4.7)
      rack (~> 1.5)
      rack-protection (~> 1.4)
      tilt (>= 1.3, < 3)
    sinatra-contrib (1.4.7)
      backports (>= 2.0)
      multi_json
      rack-protection
      rack-test
      sinatra (~> 1.4.0)
      tilt (>= 1.3, < 3)
    thor (0.19.1)
    tilt (2.0.5)
    url_mount (0.2.1)
      rack
    xpath (2.0.0)
      nokogiri (~> 1.3)

PLATFORMS
  ruby

DEPENDENCIES
  bundler
  capybara
  dataminer!
  dotenv (~> 2.0)
  floating_canvas-layout!
  floating_canvas-webtest!
  hanami (~> 0.8)
  hanami-model (~> 0.6)
  minitest
  pg
  rake
  sass
  shotgun

BUNDLED WITH
   1.13.0
